PATH
  remote: .
  specs:
    rack-proxy (0.6.4)
      rack

GEM
  remote: http://rubygems.org/
  specs:
    coderay (1.1.2)
    method_source (0.9.0)
    power_assert (0.2.6)
    pry (0.11.3)
      coderay (~> 1.1.0)
      method_source (~> 0.9.0)
    rack (2.0.3)
    rack-test (0.5.6)
      rack (>= 1.0)
    rake (0.9.2.2)
    test-unit (3.1.5)
      power_assert

PLATFORMS
  ruby

DEPENDENCIES
  pry
  rack-proxy!
  rack-test
  rake
  test-unit

BUNDLED WITH
   1.16.2
